PATH
  remote: .
  specs:
    puppetwash (0.1.0)
      puppetdb-ruby (~> 1.2)
      wash (~> 0.1)

GEM
  remote: https://rubygems.org/
  specs:
    coderay (1.1.2)
    debase (0.2.3)
      debase-ruby_core_source (>= 0.10.2)
    debase-ruby_core_source (0.10.5)
    httparty (0.17.0)
      mime-types (~> 3.0)
      multi_xml (>= 0.5.2)
    method_source (0.9.2)
    mime-types (3.2.2)
      mime-types-data (~> 3.2015)
    mime-types-data (3.2019.0331)
    multi_xml (0.6.0)
    pry (0.12.2)
      coderay (~> 1.1.0)
      method_source (~> 0.9.0)
    puppetdb-ruby (1.2.0)
      httparty
    rake (12.3.3)
    rcodetools (0.8.5.0)
    ruby-debug-ide (0.7.0)
      rake (>= 0.8.1)
    wash (0.1.1)

PLATFORMS
  ruby
  x86_64-darwin-18

DEPENDENCIES
  debase (~> 0.2)
  pry (~> 0.12)
  puppetwash!
  rcodetools (~> 0.8)
  ruby-debug-ide (~> 0.7)

BUNDLED WITH
   2.0.2
